GIT
  remote: https://github.com/diegotres/yahoo-finance.git
  revision: 1f89fd0598617dba460a6c81aeb9383cf58eb165
  specs:
    yahoo-finance (0.1.0)

GEM
  remote: http://rubygems.org/
  specs:
    i18n (0.6.0)
    mail (2.4.4)
      i18n (>= 0.4.0)
      mime-types (~> 1.16)
      treetop (~> 1.4.8)
    mime-types (1.18)
    polyglot (0.3.3)
    pony (1.4)
      mail (> 2.0)
    rack (1.4.1)
    rake (0.9.2.2)
    treetop (1.4.10)
      polyglot
      polyglot (>= 0.3.1)

PLATFORMS
  ruby

DEPENDENCIES
  pony
  rack
  rake
  yahoo-finance!
